GIT
  remote: https://github.com/libzero/zero.git
  revision: dde9fc410fb50bc44b128fb1032b15f09c53e0f7
  specs:
    zero (0.2.0)
      tilt

GEM
  remote: https://rubygems.org/
  specs:
    kramdown (1.3.2)
    pg (0.17.1)
    puma (2.7.1)
      rack (>= 1.1, < 2.0)
    rack (1.5.2)
    sass (3.2.14)
    sequel (4.7.0)
    slim (2.0.2)
      temple (~> 0.6.6)
      tilt (>= 1.3.3, < 2.1)
    temple (0.6.7)
    tilt (2.0.0)

PLATFORMS
  ruby

DEPENDENCIES
  kramdown
  pg
  puma
  sass
  sequel
  slim
  zero!
