GEM
  remote: http://rubygems.org/
  specs:
    RedCloth (4.2.7)
    addressable (2.2.6)
    bcrypt-ruby (2.1.4)
    chunky_png (1.2.0)
    coderay (0.9.8)
    compass (0.11.5)
      chunky_png (~> 1.2)
      fssm (>= 0.2.7)
      sass (~> 3.1)
    data_mapper (1.1.0)
      dm-aggregates (= 1.1.0)
      dm-constraints (= 1.1.0)
      dm-core (= 1.1.0)
      dm-migrations (= 1.1.0)
      dm-serializer (= 1.1.0)
      dm-timestamps (= 1.1.0)
      dm-transactions (= 1.1.0)
      dm-types (= 1.1.0)
      dm-validations (= 1.1.0)
    data_objects (0.10.6)
      addressable (~> 2.1)
    dm-aggregates (1.1.0)
      dm-core (~> 1.1.0)
    dm-constraints (1.1.0)
      dm-core (~> 1.1.0)
    dm-core (1.1.0)
      addressable (~> 2.2.4)
    dm-do-adapter (1.1.0)
      data_objects (~> 0.10.2)
      dm-core (~> 1.1.0)
    dm-migrations (1.1.0)
      dm-core (~> 1.1.0)
    dm-postgres-adapter (1.1.0)
      dm-do-adapter (~> 1.1.0)
      do_postgres (~> 0.10.2)
    dm-serializer (1.1.0)
      dm-core (~> 1.1.0)
      fastercsv (~> 1.5.4)
      json (~> 1.4.6)
    dm-timestamps (1.1.0)
      dm-core (~> 1.1.0)
    dm-transactions (1.1.0)
      dm-core (~> 1.1.0)
    dm-types (1.1.0)
      bcrypt-ruby (~> 2.1.4)
      dm-core (~> 1.1.0)
      fastercsv (~> 1.5.4)
      json (~> 1.4.6)
      stringex (~> 1.2.0)
      uuidtools (~> 2.1.2)
    dm-validations (1.1.0)
      dm-core (~> 1.1.0)
    do_postgres (0.10.6)
      data_objects (= 0.10.6)
    fastercsv (1.5.4)
    fssm (0.2.7)
    haml (3.1.2)
    highline (1.6.2)
    json (1.4.6)
    rack (1.3.2)
    rack-flash (0.1.2)
      rack
    redcarpet (1.17.2)
    redclothcoderay (0.3.6)
      RedCloth
      coderay
    sass (3.1.7)
    sinatra (1.2.6)
      rack (~> 1.1)
      tilt (>= 1.2.2, < 2.0)
    sinatra-support (1.2.0)
      sinatra (>= 1.0)
    stringex (1.2.2)
    tilt (1.3.2)
    uuidtools (2.1.2)

PLATFORMS
  ruby

DEPENDENCIES
  RedCloth
  coderay
  compass
  data_mapper
  dm-postgres-adapter
  haml
  highline
  rack-flash
  redcarpet
  redclothcoderay
  sass
  sinatra
  sinatra-support
